GIT
  remote: git://github.com/ruhoh/ruhoh.rb.git
  revision: f5fbbcad8fb0c05052de3b1d3ceef5dc985b9e8c
  specs:
    ruhoh (2.0.alpha)
      directory_watcher (~> 1.4)
      mustache (~> 0.99)
      nokogiri (~> 1.5)
      rack (~> 1.4)
      redcarpet (~> 2.1)

GEM
  remote: http://rubygems.org/
  specs:
    addressable (2.3.2)
    airbrake (3.1.6)
      builder
      girl_friday
    builder (3.1.4)
    connection_pool (1.0.0)
    diff-lcs (1.1.3)
    directory_watcher (1.4.1)
    faraday (0.8.4)
      multipart-post (~> 1.1)
    faraday_middleware (0.9.0)
      faraday (>= 0.7.4, < 0.9)
    girl_friday (0.11.2)
      connection_pool (~> 1.0)
      rubinius-actor
    hashie (1.2.0)
    httpauth (0.2.0)
    jwt (0.1.5)
      multi_json (>= 1.0)
    multi_json (1.5.0)
    multipart-post (1.1.5)
    mustache (0.99.4)
    netrc (0.7.7)
    nokogiri (1.5.6)
    oauth2 (0.8.0)
      faraday (~> 0.8)
      httpauth (~> 0.1)
      jwt (~> 0.1.4)
      multi_json (~> 1.0)
      rack (~> 1.2)
    octokit (1.21.0)
      addressable (~> 2.2)
      faraday (~> 0.8)
      faraday_middleware (~> 0.9)
      hashie (~> 1.2)
      multi_json (~> 1.3)
      netrc (~> 0.7.7)
    omniauth (1.1.1)
      hashie (~> 1.2)
      rack
    omniauth-github (1.0.3)
      omniauth (~> 1.0)
      omniauth-oauth2 (~> 1.1)
    omniauth-oauth2 (1.1.1)
      oauth2 (~> 0.8.0)
      omniauth (~> 1.0)
    parse-ruby-client (0.1.10)
      patron
    patron (0.4.18)
    psych (1.3.2)
    rack (1.4.4)
    rack-flash3 (1.0.3)
      rack
      rack
    rack-protection (1.3.2)
      rack
    rack-test (0.6.2)
      rack (>= 1.0)
    rake (0.9.6)
    redcarpet (2.2.2)
    rspec (2.12.0)
      rspec-core (~> 2.12.0)
      rspec-expectations (~> 2.12.0)
      rspec-mocks (~> 2.12.0)
    rspec-core (2.12.2)
    rspec-expectations (2.12.1)
      diff-lcs (~> 1.1.3)
    rspec-mocks (2.12.1)
    rubinius-actor (0.0.2)
      rubinius-core-api
    rubinius-core-api (0.0.1)
    shotgun (0.9)
      rack (>= 1.0)
    sinatra (1.3.3)
      rack (~> 1.3, >= 1.3.6)
      rack-protection (~> 1.2)
      tilt (~> 1.3, >= 1.3.3)
    sqlite3 (1.3.7)
    tilt (1.3.3)

PLATFORMS
  ruby

DEPENDENCIES
  airbrake (~> 3.0)
  octokit
  omniauth
  omniauth-github
  parse-ruby-client (~> 0.1.10)
  psych (= 1.3.2)
  rack (~> 1.4)
  rack-flash3
  rack-test
  rake (~> 0.9)
  rspec (~> 2.11)
  ruhoh (= 2.0.alpha)!
  shotgun
  sinatra (~> 1.3)
  sqlite3 (~> 1.3)
