GEM
  remote: http://rubygems.org/
  specs:
    activesupport (3.2.3)
      i18n (~> 0.6)
      multi_json (~> 1.0)
    addressable (2.2.7)
    airbrake (3.0.9)
      activesupport
      builder
    builder (3.0.0)
    directory_watcher (1.4.1)
    faraday (0.7.6)
      addressable (~> 2.2)
      multipart-post (~> 1.1)
      rack (~> 1.1)
    hashie (1.2.0)
    i18n (0.6.0)
    kramdown (0.13.5)
    maruku (0.6.0)
      syntax (>= 1.0.0)
    multi_json (1.2.0)
    multipart-post (1.1.5)
    mustache (0.99.4)
    oauth2 (0.5.2)
      faraday (~> 0.7)
      multi_json (~> 1.0)
    omniauth (1.0.3)
      hashie (~> 1.2)
      rack
    omniauth-github (1.0.1)
      omniauth (~> 1.0)
      omniauth-oauth2 (~> 1.0)
    omniauth-oauth2 (1.0.0)
      oauth2 (~> 0.5.0)
      omniauth (~> 1.0)
    psych (1.3.2)
    rack (1.4.1)
    rack-protection (1.2.0)
      rack
    rake (0.9.2.2)
    ruhoh (0.2.1)
      directory_watcher (~> 1.4)
      maruku (~> 0.6)
      mustache (~> 0.99)
      psych (~> 1.3)
      rack (~> 1.4)
    sinatra (1.3.2)
      rack (~> 1.3, >= 1.3.6)
      rack-protection (~> 1.2)
      tilt (~> 1.3, >= 1.3.3)
    syntax (1.0.0)
    tilt (1.3.3)

PLATFORMS
  ruby

DEPENDENCIES
  airbrake (~> 3.0)
  kramdown (~> 0.13)
  omniauth
  omniauth-github
  rack (~> 1.4)
  rake (~> 0.9)
  ruhoh (= 0.2.1)
  sinatra (~> 1.3)
